PATH
  remote: .
  specs:
    apix (0.1.1)

GEM
  remote: https://ruby.taobao.org/
  specs:
    rake (10.4.2)

PLATFORMS
  ruby

DEPENDENCIES
  apix!
  bundler (~> 1.9)
  rake (~> 10.0)

BUNDLED WITH
   1.10.3
